RESTRICTION: == netcoreapp3.0
NUGET
  remote: https://www.nuget.org/api/v2
    FSharp.Core (4.7)
    FsLexYacc (10.0)
      FSharp.Core (>= 4.3.4)
      FsLexYacc.Runtime (>= 10.0 < 10.1)
    FsLexYacc.Runtime (10.0)
      FSharp.Core (>= 4.3.4)

GROUP Tests
RESTRICTION: == netcoreapp3.0
NUGET
  remote: https://www.nuget.org/api/v2
    Expecto (8.12)
      FSharp.Core (>= 4.3.4)
      Mono.Cecil (>= 0.10.3)
    FSharp.Core (4.7)
    Mono.Cecil (0.11)
