RESTRICTION: == net50
NUGET
  remote: https://www.nuget.org/api/v2
    FSharp.Core (5.0.2)
    FsLexYacc (11.0.0-beta1)
      FSharp.Core (>= 4.6.2)
      FsLexYacc.Runtime (>= 11.0.0-beta1)
    FsLexYacc.Runtime (11.0.0-beta1)
      FSharp.Core (>= 4.6.2)

GROUP Tests
RESTRICTION: == net50
NUGET
  remote: https://www.nuget.org/api/v2
    FSharp.Core (5.0.2)
    FsUnit (4.0.4)
      FSharp.Core (>= 4.3.4)
      NETStandard.Library (>= 2.0.3)
      NUnit (>= 3.13 < 4.0)
    Microsoft.CodeCoverage (16.10)
    Microsoft.NET.Test.Sdk (16.10)
      Microsoft.CodeCoverage (>= 16.10)
      Microsoft.TestPlatform.TestHost (>= 16.10)
    Microsoft.NETCore.Platforms (5.0.2)
    Microsoft.TestPlatform.ObjectModel (16.10)
      NuGet.Frameworks (>= 5.0)
      System.Reflection.Metadata (>= 1.6)
    Microsoft.TestPlatform.TestHost (16.10)
      Microsoft.TestPlatform.ObjectModel (>= 16.10)
      Newtonsoft.Json (>= 9.0.1)
    NETStandard.Library (2.0.3)
      Microsoft.NETCore.Platforms (>= 1.1)
    Newtonsoft.Json (13.0.1)
    NuGet.Frameworks (5.10)
    NUnit (3.13.2)
      NETStandard.Library (>= 2.0)
    NUnit3TestAdapter (4.0)
    System.Reflection.Metadata (5.0)
