RESTRICTION: == netcoreapp2.0
NUGET
  remote: https://www.nuget.org/api/v2
    FSharp.Core (4.7)
    FsLexYacc (9.1)
      FSharp.Core (>= 4.3.4)
      FsLexYacc.Runtime (>= 9.1 < 9.2)
    FsLexYacc.Runtime (9.1)
      FSharp.Core (>= 4.3.4)

GROUP Tests
RESTRICTION: == netcoreapp2.0
NUGET
  remote: https://www.nuget.org/api/v2
    Expecto (8.12)
      FSharp.Core (>= 4.3.4)
      Mono.Cecil (>= 0.10.3)
    FSharp.Core (4.7)
    Mono.Cecil (0.11)
